GEM
  remote: https://rubygems.org/
  specs:
    builder (3.2.2)
    childprocess (0.5.9)
      ffi (~> 1.0, >= 1.0.11)
    coderay (1.1.1)
    cucumber (2.3.2)
      builder (>= 2.1.2)
      cucumber-core (~> 1.4.0)
      cucumber-wire (~> 0.0.1)
      diff-lcs (>= 1.1.3)
      gherkin (~> 3.2.0)
      multi_json (>= 1.7.5, < 2.0)
      multi_test (>= 0.1.2)
    cucumber-core (1.4.0)
      gherkin (~> 3.2.0)
    cucumber-wire (0.0.1)
    diff-lcs (1.2.5)
    facets (3.0.0)
    ffi (1.9.10)
    gherkin (3.2.0)
    headless (2.2.2)
    json (1.8.3)
    method_source (0.8.2)
    multi_json (1.11.2)
    multi_test (0.1.2)
    pry (0.10.3)
      coderay (~> 1.1.0)
      method_source (~> 0.8.1)
      slop (~> 3.4)
    psych (2.0.17)
    rake (10.5.0)
    require_all (1.3.3)
    rspec-expectations (3.4.0)
      diff-lcs (>= 1.2.0, < 2.0)
      rspec-support (~> 3.4.0)
    rspec-support (3.4.1)
    rubyzip (1.2.0)
    selenium-webdriver (2.52.0)
      childprocess (~> 0.5)
      multi_json (~> 1.0)
      rubyzip (~> 1.0)
      websocket (~> 1.0)
    slop (3.6.0)
    wait_until (0.1.2)
    watir-webdriver (0.9.1)
      selenium-webdriver (>= 2.46.2)
    webdriver-user-agent (7.4)
      facets
      json
      psych
      selenium-webdriver
    websocket (1.2.2)

PLATFORMS
  ruby

DEPENDENCIES
  cucumber
  headless
  pry (~> 0.10.3)
  rake
  require_all
  rspec-expectations
  selenium-webdriver
  wait_until
  watir-webdriver
  webdriver-user-agent

BUNDLED WITH
   1.10.6
